GIT
  remote: git@github.com:simplymeasured/object-channel.git
  revision: 908c245c56d7ad4e3a2dcdf8d5240219594f855b
  specs:
    object-channel (0.0.2)

PATH
  remote: .
  specs:
    signal-delay (0.0.1)

GEM
  remote: http://rubygems.org/
  specs:
    diff-lcs (1.1.3)
    rspec (2.7.0)
      rspec-core (~> 2.7.0)
      rspec-expectations (~> 2.7.0)
      rspec-mocks (~> 2.7.0)
    rspec-core (2.7.1)
    rspec-expectations (2.7.0)
      diff-lcs (~> 1.1.2)
    rspec-mocks (2.7.0)

PLATFORMS
  ruby

DEPENDENCIES
  object-channel!
  rspec
  signal-delay!
